GEM
  remote: https://rubygems.org/
  specs:
    configuration-blocks (1.0.0)
    diff-lcs (1.1.3)
    hoe (2.16.1)
      rake (~> 0.8)
    hoe-bundler (1.2.0)
      hoe (>= 2.2.0)
    hoe-gemspec (1.0.0)
      hoe (>= 2.2.0)
    hoe-yard (0.1.2)
      yard (>= 0.2.3.1)
    i18n (0.6.1)
    json (1.7.5)
    rake (0.9.5)
    rdoc (3.12)
      json (~> 1.4)
    redcarpet (2.2.2)
    rspec (2.12.0)
      rspec-core (~> 2.12.0)
      rspec-expectations (~> 2.12.0)
      rspec-mocks (~> 2.12.0)
    rspec-core (2.12.1)
    rspec-expectations (2.12.0)
      diff-lcs (~> 1.1.3)
    rspec-mocks (2.12.0)
    yard (0.8.3)

PLATFORMS
  ruby

DEPENDENCIES
  bundler (>= 1.0.10)
  configuration-blocks (>= 1.0.0)
  hoe (~> 2.16)
  hoe-bundler (>= 1.1.0)
  hoe-gemspec (>= 1.0.0)
  hoe-yard (>= 0.1.2)
  i18n (>= 0.4.1)
  rdoc (>= 3.8.0)
  redcarpet (>= 2.1.0)
  rspec (>= 2.6.0)
  yard (>= 0.8.2)
